GEM
  remote: http://rubygems.org/
  specs:
    cabin (0.4.4)
      json
    jls-grok (0.10.7)
      cabin (~> 0.4.0)
    json (1.7.4)
    newrelic_rpm (3.4.1)
    rack (1.4.1)
    rack-protection (1.2.0)
      rack
    sinatra (1.3.2)
      rack (~> 1.3, >= 1.3.6)
      rack-protection (~> 1.2)
      tilt (~> 1.3, >= 1.3.3)
    tilt (1.3.3)

PLATFORMS
  ruby

DEPENDENCIES
  jls-grok
  json
  newrelic_rpm
  sinatra
